GEM
  remote: https://rubygems.org/
  specs:
    rubinius-actor (0.0.2)
      rubinius-core-api
    rubinius-core-api (0.0.1)

PLATFORMS
  ruby

DEPENDENCIES
  rubinius-actor
